GEM
  remote: http://rubygems.org/
  specs:
    compass (0.10.5)
      haml (>= 3.0.4)
    haml (3.0.18)
    rack (1.2.1)
    sinatra (1.0)
      rack (>= 1.0)

PLATFORMS
  ruby

DEPENDENCIES
  compass
  haml
  sinatra
